GEM
  remote: https://rubygems.org/
  specs:
    eventmachine (1.2.7)
    osc-ruby (1.1.3)

PLATFORMS
  ruby

DEPENDENCIES
  eventmachine
  osc-ruby

BUNDLED WITH
   2.0.1
